GEM
  remote: https://rubygems.org/
  specs:
    json (1.8.3)
    mini_portile (0.6.2)
    nokogiri (1.6.5)
      mini_portile (~> 0.6.0)
    peach (0.4)
    rack (2.0.6)
    rake (10.0.0)
    sass (3.1.0.alpha.214)
    yui-compressor (0.9.1)

PLATFORMS
  ruby

DEPENDENCIES
  json
  nokogiri (~> 1.6)
  peach
  rack (>= 1.6.11)
  rake
  sass
  yui-compressor

BUNDLED WITH
   1.16.6
