GEM
  remote: https://rubygems.org/
  specs:
    json (1.8.3)
    mini_portile2 (2.3.0)
    nokogiri (1.8.2)
      mini_portile2 (~> 2.3.0)
    peach (0.4)
    rack (2.0.5)
    rake (10.0.0)
    sass (3.1.0.alpha.214)
    yui-compressor (0.9.1)

PLATFORMS
  ruby

DEPENDENCIES
  json
  nokogiri (~> 1.8, >= 1.8.2)
  peach
  rack (>= 1.4.6)
  rake
  sass
  yui-compressor

BUNDLED WITH
   1.16.1
